GEM
  remote: http://rubygems.org/
  specs:
    archive-tar-minitar (0.5.2)
    builder (3.1.3)
    bunny (0.7.9)
    chef (10.14.4)
      bunny (>= 0.6.0, < 0.8.0)
      erubis
      highline (>= 1.6.9)
      json (>= 1.4.4, <= 1.6.1)
      mixlib-authentication (>= 1.3.0)
      mixlib-cli (>= 1.1.0)
      mixlib-config (>= 1.1.2)
      mixlib-log (>= 1.3.0)
      mixlib-shellout
      moneta
      net-ssh (~> 2.2.2)
      net-ssh-multi (~> 1.1.0)
      ohai (>= 0.6.0)
      rest-client (>= 1.0.4, < 1.7.0)
      treetop (~> 1.4.9)
      uuidtools
      yajl-ruby (~> 1.1)
    chefspec (0.8.0)
      chef (>= 0.9.12)
      erubis
      minitest-chef-handler (~> 0.6.0)
      rspec (~> 2.11.0)
    childprocess (0.3.5)
      ffi (~> 1.0, >= 1.0.6)
    ci_reporter (1.7.2)
      builder (>= 2.1.2)
    coderay (1.0.7)
    diff-lcs (1.1.3)
    erubis (2.7.0)
    fauxhai (0.0.3)
      chef
      httparty
      net-ssh
    ffi (1.1.5-x86-mingw32)
    foodcritic (1.6.1)
      erubis
      gherkin (~> 2.11.1)
      gist (~> 3.1.0)
      nokogiri (= 1.5.0)
      pry (~> 0.9.8.4)
      rak (~> 1.4)
      treetop (~> 1.4.10)
      yajl-ruby (~> 1.1.0)
    gherkin (2.11.2-x86-mingw32)
      json (>= 1.4.6)
    gist (3.1.0)
    hashr (0.0.22)
    highline (1.6.15)
    httparty (0.9.0)
      multi_json (~> 1.0)
      multi_xml
    i18n (0.6.1)
    ipaddress (0.8.0)
    json (1.5.4)
    librarian (0.0.20.1)
      archive-tar-minitar (>= 0.5.2)
      chef (>= 0.10)
      highline
      thor
    log4r (1.1.10)
    method_source (0.7.1)
    mime-types (1.19)
    minitest (4.0.0)
    minitest-chef-handler (0.6.3)
      chef
      ci_reporter
      minitest
    mixlib-authentication (1.3.0)
      mixlib-log
    mixlib-cli (1.2.2)
    mixlib-config (1.1.2)
    mixlib-log (1.4.1)
    mixlib-shellout (1.1.0-x86-mingw32)
      win32-process (~> 0.6.5)
    moneta (0.6.0)
    multi_json (1.3.6)
    multi_xml (0.5.1)
    net-scp (1.0.4)
      net-ssh (>= 1.99.1)
    net-ssh (2.2.2)
    net-ssh-gateway (1.1.0)
      net-ssh (>= 1.99.1)
    net-ssh-multi (1.1)
      net-ssh (>= 2.1.4)
      net-ssh-gateway (>= 0.99.0)
    nokogiri (1.5.0-x86-mingw32)
    ohai (6.14.0)
      ipaddress
      mixlib-cli
      mixlib-config
      mixlib-log
      systemu
      yajl-ruby
    polyglot (0.3.3)
    pry (0.9.8.4-x86-mingw32)
      coderay (~> 1.0.5)
      method_source (~> 0.7.1)
      slop (>= 2.4.4, < 3)
      win32console (~> 1.3)
    rak (1.4)
    rake (0.9.2.2)
    rest-client (1.6.7)
      mime-types (>= 1.16)
    rspec (2.11.0)
      rspec-core (~> 2.11.0)
      rspec-expectations (~> 2.11.0)
      rspec-mocks (~> 2.11.0)
    rspec-core (2.11.1)
    rspec-expectations (2.11.3)
      diff-lcs (~> 1.1.3)
    rspec-mocks (2.11.3)
    ruby-wmi (0.4.0)
    slop (2.4.4)
    systemu (2.5.2)
    test-kitchen (0.6.0)
      foodcritic (~> 1.4)
      hashr (~> 0.0.20)
      highline (>= 1.6.9)
      librarian (~> 0.0.20)
      mixlib-cli (~> 1.2.2)
      vagrant (~> 1.0.2)
      yajl-ruby (~> 1.1.0)
    thor (0.16.0)
    treetop (1.4.10)
      polyglot
      polyglot (>= 0.3.1)
    uuidtools (2.1.3)
    vagrant (1.0.5.1)
      archive-tar-minitar (= 0.5.2)
      childprocess (~> 0.3.1)
      erubis (~> 2.7.0)
      i18n (~> 0.6.0)
      json (~> 1.5.1)
      log4r (~> 1.1.9)
      net-scp (~> 1.0.4)
      net-ssh (~> 2.2.2)
    win32-api (1.4.8-x86-mingw32)
    win32-process (0.6.6)
      windows-pr (>= 1.2.2)
    win32-service (0.7.2-x86-mingw32)
      windows-pr (>= 1.0.8)
    win32console (1.3.2-x86-mingw32)
    windows-api (0.4.2)
      win32-api (>= 1.4.5)
    windows-pr (1.2.2)
      win32-api (>= 1.4.5)
      windows-api (>= 0.3.0)
    yajl-ruby (1.1.0-x86-mingw32)

PLATFORMS
  x86-mingw32

DEPENDENCIES
  chef (~> 10.14.4)
  chefspec (~> 0.8.0)
  fauxhai (~> 0.0.3)
  foodcritic (~> 1.6.1)
  rake (~> 0.9.2)
  ruby-wmi (= 0.4.0)
  test-kitchen (~> 0.6.0)
  win32-service (= 0.7.2)
